PATH
  remote: .
  specs:
    StarWarsFacts (1.0.0)

GEM
  remote: https://rubygems.org/
  specs:
    rake (12.3.2)

PLATFORMS
  ruby

DEPENDENCIES
  StarWarsFacts!
  rake (~> 12.0)

BUNDLED WITH
   2.1.4
